PATH
  remote: .
  specs:
    yard-dash (1.0)

GEM
  remote: http://rubygems.org/
  specs:
    redcarpet (3.3.1)
    yard (0.8.7.6)

PLATFORMS
  ruby

DEPENDENCIES
  redcarpet
  yard
  yard-dash!

BUNDLED WITH
   1.10.4
